PATH
  remote: .
  specs:
    acts_as_xlsx (1.0.6)
      activerecord
      axlsx (>= 2.0.0)
      i18n

GEM
  remote: http://rubygems.org/
  specs:
    activemodel (5.1.2)
      activesupport (= 5.1.2)
    activerecord (5.1.2)
      activemodel (= 5.1.2)
      activesupport (= 5.1.2)
      arel (~> 8.0)
    activesupport (5.1.2)
      concurrent-ruby (~> 1.0, >= 1.0.2)
      i18n (~> 0.7)
      minitest (~> 5.1)
      tzinfo (~> 1.1)
    arel (8.0.0)
    axlsx (2.0.1)
      htmlentities (~> 4.3.1)
      nokogiri (>= 1.4.1)
      rubyzip (~> 1.0.0)
    concurrent-ruby (1.0.5)
    htmlentities (4.3.4)
    i18n (0.8.4)
    mini_portile2 (2.2.0)
    minitest (5.10.2)
    nokogiri (1.8.0)
      mini_portile2 (~> 2.2.0)
    power_assert (1.0.2)
    rake (12.0.0)
    rdiscount (2.2.0.1)
    rubyzip (1.0.0)
    sqlite3 (1.3.13)
    test-unit (3.2.4)
      power_assert
    thread_safe (0.3.6)
    tzinfo (1.2.3)
      thread_safe (~> 0.1)
    yard (0.9.9)

PLATFORMS
  ruby

DEPENDENCIES
  acts_as_xlsx!
  bundler
  rake
  rdiscount
  sqlite3
  test-unit
  yard

BUNDLED WITH
   1.15.1
